GEM
  remote: https://rubygems.org/
  specs:
    SgfParser (2.0.0)
    activemodel (4.2.6)
      activesupport (= 4.2.6)
      builder (~> 3.1)
    activerecord (4.2.6)
      activemodel (= 4.2.6)
      activesupport (= 4.2.6)
      arel (~> 6.0)
    activesupport (4.2.6)
      i18n (~> 0.7)
      json (~> 1.7, >= 1.7.7)
      minitest (~> 5.1)
      thread_safe (~> 0.3, >= 0.3.4)
      tzinfo (~> 1.1)
    addressable (2.4.0)
    ansi (1.5.0)
    arel (6.0.3)
    ast (2.3.0)
    bcrypt (3.1.11)
    builder (3.2.2)
    concurrent-ruby (1.0.2)
    css_parser (1.4.5)
      addressable
    dotenv (2.1.1)
    htmlentities (4.3.4)
    i18n (0.7.0)
    json (1.8.3)
    launchy (2.4.3)
      addressable (~> 2.3)
    letter_opener (1.4.1)
      launchy (~> 2.2)
    mail (2.6.4)
      mime-types (>= 1.16, < 4)
    mime-types (3.1)
      mime-types-data (~> 3.2015)
    mime-types-data (3.2016.0521)
    minitest (5.9.0)
    oga (2.3)
      ast
      ruby-ll (~> 2.1)
    pakyow (0.11.2)
      bundler (~> 1.10)
      pakyow-core (= 0.11.2)
      pakyow-mailer (= 0.11.2)
      pakyow-presenter (= 0.11.2)
      pakyow-rake (= 0.11.2)
      pakyow-realtime (= 0.11.2)
      pakyow-support (= 0.11.2)
      pakyow-test (= 0.11.2)
      pakyow-ui (= 0.11.2)
      thor (~> 0.19)
    pakyow-core (0.11.2)
      pakyow-support (= 0.11.2)
      rack (~> 1.6)
    pakyow-mailer (0.11.2)
      mail (~> 2.6)
      pakyow-core (= 0.11.2)
      pakyow-presenter (= 0.11.2)
      pakyow-support (= 0.11.2)
      premailer (~> 1.8)
    pakyow-presenter (0.11.2)
      oga (~> 2.0)
      pakyow-core (= 0.11.2)
      pakyow-support (= 0.11.2)
    pakyow-rake (0.11.2)
      pakyow-core (= 0.11.2)
      pakyow-presenter (= 0.11.2)
      pakyow-support (= 0.11.2)
      rake (~> 11.1)
    pakyow-realtime (0.11.2)
      concurrent-ruby (~> 1.0)
      pakyow-core (= 0.11.2)
      pakyow-support (= 0.11.2)
      redis (~> 3.2)
      websocket (~> 1.2)
    pakyow-support (0.11.2)
    pakyow-test (0.11.2)
      pakyow-core (= 0.11.2)
      pakyow-mailer (= 0.11.2)
      pakyow-presenter (= 0.11.2)
      pakyow-support (= 0.11.2)
    pakyow-ui (0.11.2)
      pakyow-core (= 0.11.2)
      pakyow-presenter (= 0.11.2)
      pakyow-realtime (= 0.11.2)
      pakyow-support (= 0.11.2)
    pg (0.18.4)
    premailer (1.8.7)
      css_parser (>= 1.4.5)
      htmlentities (>= 4.0.0)
    puma (3.4.0)
    rack (1.6.4)
    rake (11.2.2)
    redis (3.3.1)
    ruby-go (0.2.0)
      SgfParser (~> 2.0.0)
    ruby-ll (2.1.2)
      ansi
      ast
    sqlite3 (1.3.11)
    thor (0.19.1)
    thread_safe (0.3.5)
    tzinfo (1.2.2)
      thread_safe (~> 0.1)
    websocket (1.2.3)

PLATFORMS
  ruby

DEPENDENCIES
  activerecord
  bcrypt
  dotenv
  letter_opener
  pakyow
  pg
  puma
  ruby-go (~> 0.2.0)
  sqlite3

BUNDLED WITH
   1.12.5
