GEM
  remote: https://rubygems.org/
  specs:
    SgfParser (2.0.0)
    activemodel (4.2.1)
      activesupport (= 4.2.1)
      builder (~> 3.1)
    activerecord (4.2.1)
      activemodel (= 4.2.1)
      activesupport (= 4.2.1)
      arel (~> 6.0)
    activesupport (4.2.1)
      i18n (~> 0.7)
      json (~> 1.7, >= 1.7.7)
      minitest (~> 5.1)
      thread_safe (~> 0.3, >= 0.3.4)
      tzinfo (~> 1.1)
    addressable (2.3.8)
    arel (6.0.0)
    bcrypt (3.1.10)
    builder (3.2.2)
    css_parser (1.3.6)
      addressable
    dotenv (2.0.1)
    htmlentities (4.3.3)
    i18n (0.7.0)
    json (1.8.2)
    mail (2.6.3)
      mime-types (>= 1.16, < 3)
    mime-types (2.5)
    mini_portile (0.6.2)
    minitest (5.6.1)
    nokogiri (1.6.6.2)
      mini_portile (~> 0.6.0)
    pakyow (0.9.1)
      bundler (~> 1.5)
      pakyow-core (= 0.9.1)
      pakyow-mailer (= 0.9.1)
      pakyow-presenter (= 0.9.1)
      pakyow-rake (= 0.9.1)
      pakyow-support (= 0.9.1)
    pakyow-core (0.9.1)
      pakyow-support (= 0.9.1)
      rack (~> 1.5)
    pakyow-mailer (0.9.1)
      mail (~> 2.6)
      pakyow-core (= 0.9.1)
      pakyow-presenter (= 0.9.1)
      premailer (~> 1.8)
    pakyow-presenter (0.9.1)
      nokogiri (~> 1.6)
      pakyow-core (= 0.9.1)
      pakyow-support (= 0.9.1)
    pakyow-rake (0.9.1)
      pakyow-core (= 0.9.1)
      pakyow-presenter (= 0.9.1)
    pakyow-support (0.9.1)
    premailer (1.8.4)
      css_parser (>= 1.3.6)
      htmlentities (>= 4.0.0)
    puma (2.11.2)
      rack (>= 1.1, < 2.0)
    rack (1.6.0)
    ruby-go (0.0.1)
      SgfParser (~> 2.0.0)
    sqlite3 (1.3.10)
    thread_safe (0.3.5)
    tzinfo (1.2.2)
      thread_safe (~> 0.1)

PLATFORMS
  ruby

DEPENDENCIES
  activerecord
  bcrypt
  dotenv
  pakyow (= 0.9.1)
  puma
  ruby-go
  sqlite3
