GIT
  remote: git://github.com/pakyow/pakyow.git
  revision: 1462fd59ce77b9d29554675c2197971a9ae6603b
  specs:
    pakyow (0.9.1)
      bundler (>= 1.3.0, < 2.0)
      pakyow-core (= 0.9.1)
      pakyow-mailer (= 0.9.1)
      pakyow-presenter (= 0.9.1)
      pakyow-rake (= 0.9.1)
      pakyow-realtime (= 0.9.1)
      pakyow-support (= 0.9.1)
      pakyow-test (= 0.9.1)
      pakyow-ui (= 0.9.1)
    pakyow-core (0.9.1)
      pakyow-support (= 0.9.1)
      rack (~> 1.6)
    pakyow-mailer (0.9.1)
      mail (~> 2.6)
      pakyow-core (= 0.9.1)
      pakyow-presenter (= 0.9.1)
      pakyow-support (= 0.9.1)
      premailer (~> 1.8)
    pakyow-presenter (0.9.1)
      nokogiri (~> 1.6)
      pakyow-core (= 0.9.1)
      pakyow-support (= 0.9.1)
    pakyow-rake (0.9.1)
      pakyow-core (= 0.9.1)
      pakyow-presenter (= 0.9.1)
      pakyow-support (= 0.9.1)
      rake (~> 10.4)
    pakyow-realtime (0.9.1)
      celluloid (~> 0.16)
      celluloid-redis
      redis (~> 3.2)
      websocket_parser (~> 1.0)
    pakyow-support (0.9.1)
    pakyow-test (0.9.1)
    pakyow-ui (0.9.1)
      pakyow-core (= 0.9.1)
      pakyow-presenter (= 0.9.1)
      pakyow-realtime (= 0.9.1)
      pakyow-support (= 0.9.1)

GEM
  remote: https://rubygems.org/
  specs:
    SgfParser (2.0.0)
    activemodel (4.2.1)
      activesupport (= 4.2.1)
      builder (~> 3.1)
    activerecord (4.2.1)
      activemodel (= 4.2.1)
      activesupport (= 4.2.1)
      arel (~> 6.0)
    activesupport (4.2.1)
      i18n (~> 0.7)
      json (~> 1.7, >= 1.7.7)
      minitest (~> 5.1)
      thread_safe (~> 0.3, >= 0.3.4)
      tzinfo (~> 1.1)
    addressable (2.3.8)
    arel (6.0.0)
    bcrypt (3.1.10)
    builder (3.2.2)
    celluloid (0.17.0)
      bundler
      celluloid-essentials
      celluloid-extras
      celluloid-fsm
      celluloid-pool
      celluloid-supervision
      dotenv
      nenv
      rspec-logsplit (>= 0.1.2)
      timers (~> 4.0.0)
    celluloid-essentials (0.20.1)
      bundler
      dotenv
      nenv
      rspec-logsplit (>= 0.1.2)
      timers (~> 4.0.0)
    celluloid-extras (0.20.0)
      bundler
      dotenv
      nenv
      rspec-logsplit (>= 0.1.2)
      timers (~> 4.0.0)
    celluloid-fsm (0.20.0)
      bundler
      dotenv
      nenv
      rspec-logsplit (>= 0.1.2)
      timers (~> 4.0.0)
    celluloid-io (0.16.5.pre0)
      bundler
      celluloid (>= 0.17.0.pre12)
      dotenv
      nenv
      nio4r (>= 1.1.0)
      rspec-logsplit (>= 0.1.2)
      timers (~> 4.0.0)
    celluloid-pool (0.20.0)
      bundler
      dotenv
      nenv
      rspec-logsplit (>= 0.1.2)
      timers (~> 4.0.0)
    celluloid-redis (0.0.2)
      celluloid-io (>= 0.13.0.pre)
      redis
    celluloid-supervision (0.20.0)
      bundler
      dotenv
      nenv
      rspec-logsplit (>= 0.1.2)
      timers (~> 4.0.0)
    css_parser (1.3.6)
      addressable
    dotenv (2.0.1)
    hitimes (1.2.2)
    htmlentities (4.3.4)
    i18n (0.7.0)
    json (1.8.2)
    launchy (2.4.3)
      addressable (~> 2.3)
    letter_opener (1.3.0)
      launchy (~> 2.2)
    mail (2.6.3)
      mime-types (>= 1.16, < 3)
    mime-types (2.6.1)
    mini_portile (0.6.2)
    minitest (5.6.1)
    nenv (0.2.0)
    nio4r (1.1.1)
    nokogiri (1.6.6.2)
      mini_portile (~> 0.6.0)
    pg (0.18.1)
    premailer (1.8.4)
      css_parser (>= 1.3.6)
      htmlentities (>= 4.0.0)
    puma (2.11.2)
      rack (>= 1.1, < 2.0)
    rack (1.6.0)
    rake (10.4.2)
    redis (3.2.1)
    rspec-logsplit (0.1.3)
    ruby-go (0.1.0)
      SgfParser (~> 2.0.0)
    sqlite3 (1.3.10)
    thread_safe (0.3.5)
    timers (4.0.1)
      hitimes
    tzinfo (1.2.2)
      thread_safe (~> 0.1)
    websocket_parser (1.0.0)

PLATFORMS
  ruby

DEPENDENCIES
  activerecord
  bcrypt
  dotenv
  letter_opener
  pakyow!
  pg
  puma
  ruby-go
  sqlite3
